GEM
  remote: https://rubygems.org/
  specs:
    httparty (0.21.0)
      mini_mime (>= 1.0.0)
      multi_xml (>= 0.5.2)
    mini_mime (1.1.5)
    multi_xml (0.6.0)
    priority_queue_cxx (0.3.6)

PLATFORMS
  x86_64-linux

DEPENDENCIES
  httparty (~> 0.21.0)
  priority_queue_cxx (~> 0.3)

BUNDLED WITH
   2.4.15
